GEM
  remote: https://rubygems.org/
  specs:
    google-protobuf (3.14.0-x64-mingw32)
    googleapis-common-protos-types (1.0.5)
      google-protobuf (~> 3.11)
    grpc (1.34.0-x64-mingw32)
      google-protobuf (~> 3.13)
      googleapis-common-protos-types (~> 1.0)

PLATFORMS
  x64-mingw32

DEPENDENCIES
  grpc

BUNDLED WITH
   2.1.4
